GIT
  remote: git://github.com/m247/epp-client.git
  revision: a07e51fefcc2a68a317cf1200d4d80ce0b7dbfe0
  specs:
    epp-client (1.0.0)
      libxml-ruby

PATH
  remote: .
  specs:
    nominet-epp (1.0.0)
      epp-client (~> 1.0.0)

GEM
  remote: https://rubygems.org/
  specs:
    activesupport (4.0.0)
      i18n (~> 0.6, >= 0.6.4)
      minitest (~> 4.2)
      multi_json (~> 1.3)
      thread_safe (~> 0.1)
      tzinfo (~> 0.3.37)
    atomic (1.1.14)
    awesome_print (1.2.0)
    coderay (1.0.9)
    i18n (0.6.5)
    libxml-ruby (2.7.0)
    method_source (0.8.2)
    minitest (4.7.5)
    multi_json (1.8.0)
    pry (0.9.12.2)
      coderay (~> 1.0.5)
      method_source (~> 0.8)
      slop (~> 3.4)
    pry-doc (0.4.6)
      pry (>= 0.9)
      yard (>= 0.8)
    rake (10.1.0)
    redcarpet (3.0.0)
    shoulda (3.5.0)
      shoulda-context (~> 1.0, >= 1.0.1)
      shoulda-matchers (>= 1.4.1, < 3.0)
    shoulda-context (1.1.5)
    shoulda-matchers (2.4.0)
      activesupport (>= 3.0.0)
    slop (3.4.6)
    thread_safe (0.1.3)
      atomic
    tzinfo (0.3.37)
    yard (0.8.7.2)

PLATFORMS
  ruby

DEPENDENCIES
  awesome_print
  epp-client!
  nominet-epp!
  pry
  pry-doc
  rake
  redcarpet
  shoulda
  yard
