PATH
  remote: .
  specs:
    nominet-epp (0.0.12)
      epp-client

GEM
  remote: https://rubygems.org/
  specs:
    activesupport (3.2.8)
      i18n (~> 0.6)
      multi_json (~> 1.0)
    epp-client (0.0.3)
      libxml-ruby
    i18n (0.6.1)
    libxml-ruby (2.3.3)
    multi_json (1.3.6)
    redcarpet (2.2.2)
    shoulda (3.3.2)
      shoulda-context (~> 1.0.1)
      shoulda-matchers (~> 1.4.1)
    shoulda-context (1.0.1)
    shoulda-matchers (1.4.1)
      activesupport (>= 3.0.0)
    yard (0.8.3)

PLATFORMS
  ruby

DEPENDENCIES
  nominet-epp!
  redcarpet
  shoulda
  yard
